GIT
  remote: https://github.com/intridea/omniauth.git
  revision: 7840608a02a91342da7c286643bb0d35c884668d
  specs:
    omniauth (1.0.2)
      hashie (~> 1.2)
      rack

GIT
  remote: https://github.com/rack/rack.git
  revision: e20baec005238f9876281c0d083fe5a4e01aa034
  ref: e20baec005238f9876281c0d083fe5a4e01aa034
  specs:
    rack (1.4.0)

GEM
  remote: http://rubygems.org/
  specs:
    addressable (2.2.6)
    chronic (0.6.6)
    commonjs (0.2.0)
      therubyracer (~> 0.9.9)
    hashie (1.2.0)
    heroku (2.18.1)
      launchy (>= 0.3.2)
      rest-client (~> 1.6.1)
      rubyzip
      term-ansicolor (~> 1.0.5)
    i18n (0.6.0)
    json (1.6.5)
    launchy (2.0.5)
      addressable (~> 2.2.6)
    less (2.0.8)
      commonjs (~> 0.2.0)
      therubyracer (~> 0.9.9)
    libv8 (3.3.10.4)
    mail (2.4.0)
      i18n (>= 0.4.0)
      mime-types (~> 1.16)
      treetop (~> 1.4.8)
    mime-types (1.17.2)
    multi_json (1.0.4)
    oauth (0.4.5)
    omniauth-oauth (1.0.0)
      oauth
      omniauth (~> 1.0)
    omniauth-twitter (0.0.7)
      omniauth-oauth (~> 1.0)
    pg (0.12.2)
    polyglot (0.3.3)
    pony (1.4)
      mail (> 2.0)
    rack-protection (1.2.0)
      rack
    rake (0.9.2.2)
    rdiscount (1.6.8)
    rest-client (1.6.7)
      mime-types (>= 1.16)
    rubyzip (0.9.5)
    sequel (3.31.0)
    shotgun (0.9)
      rack (>= 1.0)
    sinatra (1.3.2)
      rack (~> 1.3, >= 1.3.6)
      rack-protection (~> 1.2)
      tilt (~> 1.3, >= 1.3.3)
    sqlite3 (1.3.5)
    term-ansicolor (1.0.7)
    therubyracer (0.9.9)
      libv8 (~> 3.3.10)
    tilt (1.3.3)
    treetop (1.4.10)
      polyglot
      polyglot (>= 0.3.1)

PLATFORMS
  ruby

DEPENDENCIES
  chronic
  heroku
  json
  less
  multi_json
  omniauth!
  omniauth-twitter
  pg
  pony
  rack!
  rake
  rdiscount
  sequel
  shotgun
  sinatra
  sqlite3
